GEM
  remote: http://rubygems.org/
  specs:
    activesupport (3.2.9)
      i18n (~> 0.6)
      multi_json (~> 1.0)
    addressable (2.3.6)
    builder (3.2.2)
    coderay (1.0.8)
    faraday (0.8.9)
      multipart-post (~> 1.2.0)
    git (1.2.6)
    github_api (0.10.2)
      addressable
      faraday (~> 0.8.7)
      hashie (>= 1.2)
      multi_json (~> 1.4)
      nokogiri (~> 1.6.0)
      oauth2
    hashie (2.1.1)
    highline (1.6.21)
    i18n (0.6.1)
    jeweler (2.0.1)
      builder
      bundler (>= 1.0)
      git (>= 1.2.5)
      github_api
      highline (>= 1.6.15)
      nokogiri (>= 1.5.10)
      rake
      rdoc
    jwt (0.1.11)
      multi_json (>= 1.5)
    koala (1.10.1)
      addressable
      faraday
      multi_json
    method_source (0.8.1)
    mini_portile (0.5.3)
    multi_json (1.10.1)
    multi_xml (0.5.5)
    multipart-post (1.2.0)
    nokogiri (1.6.1)
      mini_portile (~> 0.5.0)
    oauth2 (0.9.3)
      faraday (>= 0.8, < 0.10)
      jwt (~> 0.1.8)
      multi_json (~> 1.3)
      multi_xml (~> 0.5)
      rack (~> 1.2)
    pry (0.9.10)
      coderay (~> 1.0.5)
      method_source (~> 0.8)
      slop (~> 3.3.1)
    rack (1.5.2)
    rake (10.4.2)
    rdoc (4.2.0)
    slop (3.3.3)

PLATFORMS
  java
  ruby

DEPENDENCIES
  activesupport
  bundler
  jeweler (~> 2.0.1)
  koala
  pry

BUNDLED WITH
   1.11.2
